PATH
  remote: .
  specs:
    becausealiens (0.0.1)
      anemone
      commander (~> 4.1.2)
      odyssey
      term-ansicolor (~> 1.0.7)
      terminal-table (~> 1.4.5)

GEM
  remote: https://rubygems.org/
  specs:
    anemone (0.7.2)
      nokogiri (>= 1.3.0)
      robotex (>= 1.0.0)
    commander (4.1.5)
      highline (~> 1.6.11)
    diff-lcs (1.2.4)
    highline (1.6.19)
    mini_portile (0.5.1)
    nokogiri (1.6.0)
      mini_portile (~> 0.5.0)
    odyssey (0.1.8)
      require_all
    rake (10.1.0)
    require_all (1.2.1)
    robotex (1.0.0)
    rspec (2.14.1)
      rspec-core (~> 2.14.0)
      rspec-expectations (~> 2.14.0)
      rspec-mocks (~> 2.14.0)
    rspec-core (2.14.5)
    rspec-expectations (2.14.2)
      diff-lcs (>= 1.1.3, < 2.0)
    rspec-mocks (2.14.3)
    term-ansicolor (1.0.7)
    terminal-table (1.4.5)

PLATFORMS
  ruby

DEPENDENCIES
  becausealiens!
  rake
  rspec
